GEM
  remote: https://rubygems.org/
  specs:
    rake (11.3.0)
    sass (3.4.22)
    scss_lint (0.50.3)
      rake (>= 0.9, < 12)
      sass (~> 3.4.20)
    scss_lint_reporter_checkstyle (0.2.0)

PLATFORMS
  ruby

DEPENDENCIES
  scss_lint
  scss_lint_reporter_checkstyle

BUNDLED WITH
   1.13.2
